GEM
  remote: https://rubygems.org/
  specs:
    diff-lcs (1.5.0)
    highline (2.0.3)
    hirb (0.7.3)
    rspec (3.11.0)
      rspec-core (~> 3.11.0)
      rspec-expectations (~> 3.11.0)
      rspec-mocks (~> 3.11.0)
    rspec-core (3.11.0)
      rspec-support (~> 3.11.0)
    rspec-expectations (3.11.0)
      diff-lcs (>= 1.2.0, < 2.0)
      rspec-support (~> 3.11.0)
    rspec-mocks (3.11.0)
      diff-lcs (>= 1.2.0, < 2.0)
      rspec-support (~> 3.11.0)
    rspec-support (3.11.0)

PLATFORMS
  arm64-darwin-21

DEPENDENCIES
  highline (~> 2.0)
  hirb (~> 0.7.3)
  rspec (~> 3.11)

BUNDLED WITH
   2.3.9
